GEM
  remote: https://rubygems.org/
  specs:
    activesupport (2.3.14)
    git (1.2.5)
    jeweler (1.8.4)
      bundler (~> 1.0)
      git (>= 1.2.5)
      rake
      rdoc
    json (1.7.3)
    metaclass (0.0.1)
    mocha (0.12.7)
      metaclass (~> 0.0.1)
    rake (0.9.2.2)
    rdoc (3.12)
      json (~> 1.4)
    right_aws (1.10.0)
      right_http_connection (>= 1.2.4)
    right_http_connection (1.3.0)

PLATFORMS
  ruby

DEPENDENCIES
  activesupport (~> 2.3)
  jeweler
  mocha
  rake
  right_aws (~> 1.10.0)
